GIT
  remote: git://github.com/travis-infrastructure/chirp.git
  revision: 94c7f257629417bbbbd343822d07853942daa1cb
  specs:
    chirp (0.1.0)

GEM
  remote: https://rubygems.org/
  specs:

PLATFORMS
  ruby

DEPENDENCIES
  chirp!

BUNDLED WITH
   1.12.5
