GIT
  remote: git://github.com/travis-infrastructure/chirp.git
  revision: 07c23d4053f604f3f0d02dc0b7c7c63ec44d26f1
  specs:
    chirp (0.1.0)

GEM
  remote: https://rubygems.org/
  specs:

PLATFORMS
  ruby

DEPENDENCIES
  chirp!

BUNDLED WITH
   1.10.6
