GIT
  remote: git://github.com/travis-infrastructure/chirp.git
  revision: 59e3ca6fb5c64336556da4b3343967ac6a3e8697
  specs:
    chirp (0.1.0)

GEM
  remote: https://rubygems.org/
  specs:

PLATFORMS
  ruby

DEPENDENCIES
  chirp!
