GIT
  remote: git://github.com/travis-infrastructure/chirp.git
  revision: ea9f2ce8c0333918eace085284fa9ee10d46290a
  specs:
    chirp (0.1.0)

GEM
  remote: https://rubygems.org/
  specs:

PLATFORMS
  ruby

DEPENDENCIES
  chirp!

BUNDLED WITH
   1.10.6
