GIT
  remote: https://github.com/travis-ci/chirp.git
  revision: 035cdb0373e6f32deaa4e34b98fa9193aac33e26
  specs:
    chirp (0.1.0)

GEM
  remote: https://rubygems.org/
  specs:

PLATFORMS
  ruby

DEPENDENCIES
  chirp!

BUNDLED WITH
   1.16.1
