GIT
  remote: git://github.com/travis-infrastructure/chirp.git
  revision: 70a42c16352637fae1464e6e6b04b87e3111e107
  specs:
    chirp (0.1.0)

GEM
  remote: https://rubygems.org/
  specs:

PLATFORMS
  ruby

DEPENDENCIES
  chirp!
